GEM
  remote: https://rubygems.org/
  specs:
    actionmailer (3.2.14)
      actionpack (= 3.2.14)
      mail (~> 2.5.4)
    actionpack (3.2.14)
      activemodel (= 3.2.14)
      activesupport (= 3.2.14)
      builder (~> 3.0.0)
      erubis (~> 2.7.0)
      journey (~> 1.0.4)
      rack (~> 1.4.5)
      rack-cache (~> 1.2)
      rack-test (~> 0.6.1)
      sprockets (~> 2.2.1)
    activemodel (3.2.14)
      activesupport (= 3.2.14)
      builder (~> 3.0.0)
    activerecord (3.2.14)
      activemodel (= 3.2.14)
      activesupport (= 3.2.14)
      arel (~> 3.0.2)
      tzinfo (~> 0.3.29)
    activeresource (3.2.14)
      activemodel (= 3.2.14)
      activesupport (= 3.2.14)
    activesupport (3.2.14)
      i18n (~> 0.6, >= 0.6.4)
      multi_json (~> 1.0)
    addressable (2.3.5)
    arel (3.0.2)
    arrayfields (4.9.0)
    asset_sync (0.5.4)
      activemodel
      fog
    ast (1.1.0)
    awesome_print (1.2.0)
    better_errors (1.0.1)
      coderay (>= 1.0.0)
      erubis (>= 2.6.6)
    binding_of_caller (0.7.2)
      debug_inspector (>= 0.0.1)
    bluff (0.1.0)
    bootstrap-sass (3.0.2.1)
      sass (~> 3.2)
    brakeman (2.1.2)
      erubis (~> 2.6)
      fastercsv (~> 1.5)
      haml (>= 3.0, < 5.0)
      highline (~> 1.6.19)
      multi_json (~> 1.2)
      ruby2ruby (~> 2.0.5)
      ruby_parser (~> 3.2.2)
      sass (~> 3.0)
      slim (>= 1.3.6, < 3.0)
      terminal-table (~> 1.4)
    builder (3.0.4)
    bundler-audit (0.2.0)
      bundler (~> 1.2)
    cane (2.6.0)
      parallel
    capybara (2.1.0)
      mime-types (>= 1.16)
      nokogiri (>= 1.3.3)
      rack (>= 1.0.0)
      rack-test (>= 0.5.4)
      xpath (~> 2.0)
    childprocess (0.3.9)
      ffi (~> 1.0, >= 1.0.11)
    chronic (0.10.2)
    chunky_png (1.2.8)
    churn (0.0.34)
      chronic (>= 0.2.3)
      hirb
      json_pure
      main
      ruby_parser (~> 3.0)
      sexp_processor (~> 4.1)
    code_analyzer (0.4.3)
      sexp_processor
    code_metrics (0.1.1)
    coderay (1.1.0)
    coffee-rails (3.2.2)
      coffee-script (>= 2.2.0)
      railties (~> 3.2.0)
    coffee-script (2.2.0)
      coffee-script-source
      execjs
    coffee-script-source (1.6.3)
    colored (1.2)
    compass (0.12.2)
      chunky_png (~> 1.2)
      fssm (>= 0.2.7)
      sass (~> 3.1)
    compass-rails (1.0.3)
      compass (>= 0.12.2, < 0.14)
    coveralls (0.7.0)
      multi_json (~> 1.3)
      rest-client
      simplecov (>= 0.7)
      term-ansicolor
      thor
    debug_inspector (0.0.2)
    diff-lcs (1.2.4)
    dotenv (0.7.0)
    erubis (2.7.0)
    excon (0.26.0)
    execjs (2.0.1)
    factory_girl (4.2.0)
      activesupport (>= 3.0.0)
    factory_girl_rails (4.2.1)
      factory_girl (~> 4.2.0)
      railties (>= 3.0.0)
    faker (1.2.0)
      i18n (~> 0.5)
    fastercsv (1.5.5)
    fattr (2.2.1)
    ffi (1.9.0)
    flay (2.4.0)
      ruby_parser (~> 3.0)
      sexp_processor (~> 4.0)
    flog (4.1.2)
      ruby_parser (~> 3.1, > 3.1.0)
      sexp_processor (~> 4.0)
    fog (0.7.2)
      builder
      excon (>= 0.6.1)
      formatador (>= 0.1.3)
      json
      mime-types
      net-ssh (>= 2.1.3)
      nokogiri (>= 1.4.4)
      ruby-hmac
    foreman (0.64.0)
      dotenv (~> 0.7.0)
      thor (>= 0.13.6)
    formatador (0.2.4)
    fssm (0.2.10)
    guard (1.4.0)
      listen (>= 0.4.2)
      thor (>= 0.14.6)
    guard-rspec (2.5.4)
      guard (>= 1.1)
      rspec (~> 2.11)
    guard-spork (1.5.1)
      childprocess (>= 0.2.3)
      guard (>= 1.1)
      spork (>= 0.8.4)
    haml (4.0.3)
      tilt
    highline (1.6.19)
    hike (1.2.3)
    hirb (0.7.1)
    i18n (0.6.5)
    journey (1.0.4)
    jquery-rails (3.0.4)
      railties (>= 3.0, < 5.0)
      thor (>= 0.14, < 2.0)
    json (1.8.0)
    json_pure (1.8.0)
    launchy (2.3.0)
      addressable (~> 2.3)
    listen (1.3.1)
      rb-fsevent (>= 0.9.3)
      rb-inotify (>= 0.9)
      rb-kqueue (>= 0.2)
    mail (2.5.4)
      mime-types (~> 1.16)
      treetop (~> 1.4.8)
    mailchimp-api (2.0.3)
      excon (>= 0.16.0)
      json (>= 1.7.7)
    main (5.2.0)
      arrayfields (>= 4.7.4)
      chronic (>= 0.6.2)
      fattr (>= 2.2.0)
      map (>= 5.1.0)
    map (6.5.1)
    metric_fu (4.4.4)
      bluff
      cane (~> 2.5, >= 2.5.2)
      churn (~> 0.0.28)
      code_metrics (~> 0.1)
      coderay
      flay (~> 2.1, >= 2.0.1)
      flog (~> 4.1, >= 4.1.1)
      metric_fu-Saikuro (>= 1.1.1.0)
      multi_json
      rails_best_practices (~> 1.14, >= 1.14.3)
      redcard
      reek (~> 1.3, >= 1.3.3)
      roodi (~> 3.1)
    metric_fu-Saikuro (1.1.1.0)
    mime-types (1.25)
    mini_portile (0.5.1)
    multi_json (1.8.0)
    net-ssh (2.9.0)
    nokogiri (1.6.0)
      mini_portile (~> 0.5.0)
    parallel (0.8.4)
    parser (2.0.0.pre8)
      ast (~> 1.1)
      slop (~> 3.4, >= 3.4.5)
    polyglot (0.3.3)
    powerpack (0.0.8)
    quiet_assets (1.0.2)
      railties (>= 3.1, < 5.0)
    rack (1.4.5)
    rack-cache (1.2)
      rack (>= 0.4)
    rack-ssl (1.3.3)
      rack
    rack-test (0.6.2)
      rack (>= 1.0)
    rails (3.2.14)
      actionmailer (= 3.2.14)
      actionpack (= 3.2.14)
      activerecord (= 3.2.14)
      activeresource (= 3.2.14)
      activesupport (= 3.2.14)
      bundler (~> 1.0)
      railties (= 3.2.14)
    rails_best_practices (1.14.4)
      activesupport
      awesome_print
      code_analyzer (>= 0.4.3)
      colored
      erubis
      i18n
      require_all
      ruby-progressbar
    railties (3.2.14)
      actionpack (= 3.2.14)
      activesupport (= 3.2.14)
      rack-ssl (~> 1.3.2)
      rake (>= 0.8.7)
      rdoc (~> 3.4)
      thor (>= 0.14.6, < 2.0)
    rainbow (1.1.4)
    rake (10.1.0)
    rb-fsevent (0.9.3)
    rb-inotify (0.9.2)
      ffi (>= 0.5.0)
    rb-kqueue (0.2.0)
      ffi (>= 0.5.0)
    rdoc (3.12.2)
      json (~> 1.4)
    redcard (1.1.0)
    reek (1.3.3)
      ruby2ruby (~> 2.0.2)
      ruby_parser (~> 3.1, >= 3.1.1)
      sexp_processor
    require_all (1.3.1)
    rest-client (1.6.7)
      mime-types (>= 1.16)
    roodi (3.1.1)
      ruby_parser (~> 3.2, >= 3.2.2)
    rspec (2.14.1)
      rspec-core (~> 2.14.0)
      rspec-expectations (~> 2.14.0)
      rspec-mocks (~> 2.14.0)
    rspec-core (2.14.5)
    rspec-expectations (2.14.3)
      diff-lcs (>= 1.1.3, < 2.0)
    rspec-mocks (2.14.3)
    rspec-rails (2.14.0)
      actionpack (>= 3.0)
      activesupport (>= 3.0)
      railties (>= 3.0)
      rspec-core (~> 2.14.0)
      rspec-expectations (~> 2.14.0)
      rspec-mocks (~> 2.14.0)
    rubocop (0.13.1)
      parser (~> 2.0.0.pre6)
      powerpack (~> 0.0.6)
      rainbow (>= 1.1.4)
    ruby-hmac (0.4.0)
    ruby-progressbar (1.2.0)
    ruby2ruby (2.0.6)
      ruby_parser (~> 3.1)
      sexp_processor (~> 4.0)
    ruby_gntp (0.3.4)
    ruby_parser (3.2.2)
      sexp_processor (~> 4.1)
    sass (3.2.10)
    sass-rails (3.2.6)
      railties (~> 3.2.0)
      sass (>= 3.1.10)
      tilt (~> 1.3)
    sexp_processor (4.3.0)
    shoulda-matchers (2.4.0)
      activesupport (>= 3.0.0)
    simplecov (0.7.1)
      multi_json (~> 1.0)
      simplecov-html (~> 0.7.1)
    simplecov-html (0.7.1)
    simplecov-rcov-text (0.0.2)
    slim (2.0.1)
      temple (~> 0.6.6)
      tilt (>= 1.3.3, < 2.1)
    slop (3.4.6)
    spork (0.9.2)
    sprockets (2.2.2)
      hike (~> 1.2)
      multi_json (~> 1.0)
      rack (~> 1.0)
      tilt (~> 1.1, != 1.3.0)
    temple (0.6.6)
    term-ansicolor (1.2.2)
      tins (~> 0.8)
    terminal-table (1.4.5)
    thor (0.18.1)
    tilt (1.4.1)
    tins (0.10.0)
    treetop (1.4.15)
      polyglot
      polyglot (>= 0.3.1)
    tzinfo (0.3.37)
    uglifier (2.2.1)
      execjs (>= 0.3.0)
      multi_json (~> 1.0, >= 1.0.2)
    xpath (2.0.0)
      nokogiri (~> 1.3)
    zonebie (0.5.1)

PLATFORMS
  ruby

DEPENDENCIES
  asset_sync
  better_errors
  binding_of_caller
  bootstrap-sass (~> 3.0.2.0)
  brakeman
  bundler-audit
  capybara
  coffee-rails (~> 3.2.1)
  compass-rails
  coveralls
  factory_girl_rails
  faker
  foreman
  guard-rspec
  guard-spork
  jquery-rails
  launchy
  mailchimp-api
  metric_fu
  quiet_assets
  rails (= 3.2.14)
  rb-fsevent (~> 0.9.1)
  rspec-rails
  rubocop
  ruby_gntp
  sass-rails (~> 3.2.3)
  shoulda-matchers
  simplecov
  simplecov-rcov-text
  spork
  uglifier (>= 1.0.3)
  zonebie
